GEM
  remote: https://rubygems.org/
  specs:
    ProMotion (1.2.0)
      methadone (~> 1.3)
      motion-require (~> 0.2)
    bubble-wrap (1.6.0)
      bubble-wrap-http (= 1.6.0)
    bubble-wrap-http (1.6.0)
    methadone (1.4.0)
      bundler
    motion-require (0.2.0)
    motion-support (0.2.6)
      motion-require (>= 0.0.6)
    navigable_hash (1.3.0)
    rake (10.3.2)

PLATFORMS
  ruby

DEPENDENCIES
  ProMotion (~> 1.2.0)
  bubble-wrap
  motion-support
  navigable_hash
  rake
